GEM
  remote: https://rubygems.org/
  specs:
    addressable (2.7.0)
      public_suffix (>= 2.0.2, < 5.0)
    aws-eventstream (1.0.3)
    aws-partitions (1.274.0)
    aws-sdk-core (3.90.1)
      aws-eventstream (~> 1.0, >= 1.0.2)
      aws-partitions (~> 1, >= 1.239.0)
      aws-sigv4 (~> 1.1)
      jmespath (~> 1.0)
    aws-sdk-kms (1.29.0)
      aws-sdk-core (~> 3, >= 3.71.0)
      aws-sigv4 (~> 1.1)
    aws-sdk-s3 (1.60.2)
      aws-sdk-core (~> 3, >= 3.83.0)
      aws-sdk-kms (~> 1)
      aws-sigv4 (~> 1.1)
    aws-sigv4 (1.1.0)
      aws-eventstream (~> 1.0, >= 1.0.2)
    down (5.1.1)
      addressable (~> 2.5)
    jmespath (1.4.0)
    multi_json (1.14.1)
    public_suffix (4.0.3)
    streamio-ffmpeg (3.0.2)
      multi_json (~> 1.8)

PLATFORMS
  ruby

DEPENDENCIES
  aws-sdk-s3!
  down (~> 5.0)!
  streamio-ffmpeg!

BUNDLED WITH
   2.1.4
